{
	"DeviceSerialNumber": "Ref: WP180/R, LOT:1705, SN:169",
	"ECGChannelCount": 0,
	"EMGChannelCount": 10,
	"EMGGround": "NA",
	"EMGPlacementScheme": "According to SENIAM",
	"EMGReference": "Bipolar",
	"EOGChannelCount": 0,
	"ElectrodeManufacturer": "Cometa S.r.l.",
	"ElectrodeManufacturersModelName": "Wave plus",
	"HardwareFilters": "Nan",
	"InstitutionAddress": "Via Morego 30",
	"InstitutionName": "Istituto Italiano di Tecnologia",
	"InstitutionalDepartmentName": "Rehab Technologies",
	"Manufacturer": "Cometa",
	"ManufacturersModelName": "Cometa Wave Plus",
	"PowerLineFrequency": 50,
	"RecordingDuration": 59.35,
	"RecordingType": "Continuous",
	"SamplingFrequency": 2000,
	"SoftwareFilters": "Nan",
	"SoftwareVersions": "Vicon Nexus 2.12.1",
	"TaskDescription": "Subject is grasping cylindrical object",
	"TaskName": "Cyl"
}
